GEM
  remote: https://rubygems.org/
  specs:
    erubis (2.7.0)
    excon (0.62.0)
    heroics (0.0.24)
      erubis (~> 2.0)
      excon
      moneta
      multi_json (>= 1.9.2)
    moneta (0.8.1)
    multi_json (1.13.1)
    platform-api (2.1.0)
      heroics (~> 0.0.23)
      moneta (~> 0.8.1)

PLATFORMS
  ruby

DEPENDENCIES
  platform-api

RUBY VERSION
   ruby 2.5.1p57

BUNDLED WITH
   1.16.1
